GIT
  remote: https://github.com/qaprosoft/zafira-ruby.git
  revision: 3ed9946943de3ff9fc97f64e08b667bde9653a20
  specs:
    zafira-ruby (1.0.0)
      builder (~> 3.2)
      httparty (~> 0.16)
      waterfall (~> 1.2)
      webmock (~> 3.3)

GEM
  remote: https://rubygems.org/
  specs:
    addressable (2.5.2)
      public_suffix (>= 2.0.2, < 4.0)
    backports (3.11.1)
    builder (3.2.3)
    childprocess (0.8.0)
      ffi (~> 1.0, >= 1.0.11)
    crack (0.4.3)
      safe_yaml (~> 1.0.0)
    cucumber (3.1.0)
      builder (>= 2.1.2)
      cucumber-core (~> 3.1.0)
      cucumber-expressions (~> 5.0.4)
      cucumber-wire (~> 0.0.1)
      diff-lcs (~> 1.3)
      gherkin (~> 5.0)
      multi_json (>= 1.7.5, < 2.0)
      multi_test (>= 0.1.2)
    cucumber-core (3.1.0)
      backports (>= 3.8.0)
      cucumber-tag_expressions (~> 1.1.0)
      gherkin (>= 5.0.0)
    cucumber-expressions (5.0.13)
    cucumber-tag_expressions (1.1.1)
    cucumber-wire (0.0.1)
    diff-lcs (1.3)
    ffi (1.9.23)
    gherkin (5.0.0)
    hashdiff (0.3.7)
    headless (2.3.1)
    httparty (0.16.2)
      multi_xml (>= 0.5.2)
    multi_json (1.13.1)
    multi_test (0.1.2)
    multi_xml (0.6.0)
    public_suffix (3.0.2)
    rubyzip (1.2.1)
    safe_yaml (1.0.4)
    selenium-webdriver (3.4.4)
      childprocess (~> 0.5)
      rubyzip (~> 1.0)
    waterfall (1.2.0)
    watir (6.2.1)
      selenium-webdriver (~> 3.0)
    watir-webdriver (0.9.9)
      selenium-webdriver (>= 2.46.2)
    webmock (3.3.0)
      addressable (>= 2.3.6)
      crack (>= 0.3.2)
      hashdiff

PLATFORMS
  ruby

DEPENDENCIES
  cucumber
  headless
  selenium-webdriver
  watir
  watir-webdriver
  zafira-ruby!

BUNDLED WITH
   1.16.1
